GEM
  remote: http://rubygems.org/
  specs:
    diff-lcs (1.2.5)
    json (1.5.4)
    netrc (0.7.7)
    rest_client (1.7.3)
      netrc (~> 0.7.7)
    rspec (2.14.1)
      rspec-core (~> 2.14.0)
      rspec-expectations (~> 2.14.0)
      rspec-mocks (~> 2.14.0)
    rspec-core (2.14.7)
    rspec-expectations (2.14.4)
      diff-lcs (>= 1.1.3, < 2.0)
    rspec-mocks (2.14.4)

PLATFORMS
  x86-mingw32

DEPENDENCIES
  json
  rest_client
  rspec
